GEM
  remote: https://rubygems.org/
  specs:
    autoprefixer-rails (6.5.1.1)
      execjs
    chunky_png (1.3.7)
    compass (0.12.2)
      chunky_png (~> 1.2)
      fssm (>= 0.2.7)
      sass (~> 3.1)
    compass-import-once (1.0.5)
      sass (>= 3.2, < 3.5)
    compass-sourcemaps (0.12.4.sourcemaps.a4836f1)
      chunky_png (~> 1.2)
      fssm (>= 0.2.7)
      sass (= 3.3.0.alpha.134)
    execjs (2.7.0)
    fssm (0.2.10)
    mini_portile2 (2.1.0)
    nokogiri (1.6.8.1)
      mini_portile2 (~> 2.1.0)
    sass (3.3.0.alpha.134)
    semantic-ui-sass (2.2.4.0)
      sass (>= 3.2)

PLATFORMS
  ruby

DEPENDENCIES
  autoprefixer-rails
  bundler
  compass (= 0.12.2)
  compass-import-once
  compass-sourcemaps (~> 0.12.2.sourcemaps.57a186c)
  nokogiri
  sass (= 3.3.0.alpha.134)
  semantic-ui-sass

BUNDLED WITH
   1.13.6
