GEM
  remote: https://rubygems.org/
  specs:
    autoprefixer-rails (6.3.6.2)
      execjs
    chunky_png (1.3.6)
    compass (1.0.3)
      chunky_png (~> 1.2)
      compass-core (~> 1.0.2)
      compass-import-once (~> 1.0.5)
      rb-fsevent (>= 0.9.3)
      rb-inotify (>= 0.9)
      sass (>= 3.3.13, < 3.5)
    compass-core (1.0.3)
      multi_json (~> 1.0)
      sass (>= 3.3.0, < 3.5)
    compass-import-once (1.0.5)
      sass (>= 3.2, < 3.5)
    execjs (2.7.0)
    ffi (1.9.10)
    multi_json (1.12.1)
    rb-fsevent (0.9.7)
    rb-inotify (0.9.7)
      ffi (>= 0.5.0)
    sass (3.4.22)
    semantic-ui-sass (2.2.4.0)
      sass (>= 3.2)

PLATFORMS
  ruby

DEPENDENCIES
  autoprefixer-rails
  compass
  compass-import-once
  sass
  semantic-ui-sass

BUNDLED WITH
   1.13.6
